GEM
  remote: https://rubygems.org/
  specs:
    cool.io (1.1.0)
      iobuffer (>= 1.0.0)
    iobuffer (1.1.2)
    msgpack (0.4.7)
    msgpack-rpc (0.5.1)
      cool.io (~> 1.1.0)
      msgpack (~> 0.4.4)

PLATFORMS
  ruby

DEPENDENCIES
  msgpack-rpc
